GEM
  remote: https://rubygems.org/
  specs:
    actioncable (7.1.3.3)
      actionpack (= 7.1.3.3)
      activesupport (= 7.1.3.3)
      nio4r (~> 2.0)
      websocket-driver (>= 0.6.1)
      zeitwerk (~> 2.6)
    actionmailbox (7.1.3.3)
      actionpack (= 7.1.3.3)
      activejob (= 7.1.3.3)
      activerecord (= 7.1.3.3)
      activestorage (= 7.1.3.3)
      activesupport (= 7.1.3.3)
      mail (>= 2.7.1)
      net-imap
      net-pop
      net-smtp
    actionmailer (7.1.3.3)
      actionpack (= 7.1.3.3)
      actionview (= 7.1.3.3)
      activejob (= 7.1.3.3)
      activesupport (= 7.1.3.3)
      mail (~> 2.5, >= 2.5.4)
      net-imap
      net-pop
      net-smtp
      rails-dom-testing (~> 2.2)
    actionpack (7.1.3.3)
      actionview (= 7.1.3.3)
      activesupport (= 7.1.3.3)
      nokogiri (>= 1.8.5)
      racc
      rack (>= 2.2.4)
      rack-session (>= 1.0.1)
      rack-test (>= 0.6.3)
      rails-dom-testing (~> 2.2)
      rails-html-sanitizer (~> 1.6)
    actiontext (7.1.3.3)
      actionpack (= 7.1.3.3)
      activerecord (= 7.1.3.3)
      activestorage (= 7.1.3.3)
      activesupport (= 7.1.3.3)
      globalid (>= 0.6.0)
      nokogiri (>= 1.8.5)
    actionview (7.1.3.3)
      activesupport (= 7.1.3.3)
      builder (~> 3.1)
      erubi (~> 1.11)
      rails-dom-testing (~> 2.2)
      rails-html-sanitizer (~> 1.6)
    active_hash (3.3.1)
      activesupport (>= 5.0.0)
    active_model_serializers (0.10.14)
      actionpack (>= 4.1)
      activemodel (>= 4.1)
      case_transform (>= 0.2)
      jsonapi-renderer (>= 0.1.1.beta1, < 0.3)
    activejob (7.1.3.3)
      activesupport (= 7.1.3.3)
      globalid (>= 0.3.6)
    activemodel (7.1.3.3)
      activesupport (= 7.1.3.3)
    activerecord (7.1.3.3)
      activemodel (= 7.1.3.3)
      activesupport (= 7.1.3.3)
      timeout (>= 0.4.0)
    activestorage (7.1.3.3)
      actionpack (= 7.1.3.3)
      activejob (= 7.1.3.3)
      activerecord (= 7.1.3.3)
      activesupport (= 7.1.3.3)
      marcel (~> 1.0)
    activesupport (7.1.3.3)
      base64
      bigdecimal
      concurrent-ruby (~> 1.0, >= 1.0.2)
      connection_pool (>= 2.2.5)
      drb
      i18n (>= 1.6, < 2)
      minitest (>= 5.1)
      mutex_m
      tzinfo (~> 2.0)
    addressable (2.8.6)
      public_suffix (>= 2.0.2, < 6.0)
    annotate (3.2.0)
      activerecord (>= 3.2, < 8.0)
      rake (>= 10.4, < 14.0)
    ast (2.4.2)
    base64 (0.2.0)
    bcrypt (3.1.20)
    bigdecimal (3.1.8)
    bootsnap (1.18.3)
      msgpack (~> 1.2)
    builder (3.2.4)
    byebug (11.1.3)
    carrierwave (3.0.7)
      activemodel (>= 6.0.0)
      activesupport (>= 6.0.0)
      addressable (~> 2.6)
      image_processing (~> 1.1)
      marcel (~> 1.0.0)
      ssrf_filter (~> 1.0)
    case_transform (0.2)
      activesupport
    coderay (1.1.3)
    concurrent-ruby (1.3.1)
    connection_pool (2.4.1)
    crass (1.0.6)
    csv (3.3.0)
    date (3.3.4)
    diff-lcs (1.5.1)
    drb (2.2.1)
    erubi (1.12.0)
    excon (0.110.0)
    factory_bot (6.4.6)
      activesupport (>= 5.0.0)
    factory_bot_rails (6.4.3)
      factory_bot (~> 6.4)
      railties (>= 5.0.0)
    ffi (1.16.3)
    fog-aws (3.22.0)
      fog-core (~> 2.1)
      fog-json (~> 1.1)
      fog-xml (~> 0.1)
    fog-core (2.4.0)
      builder
      excon (~> 0.71)
      formatador (>= 0.2, < 2.0)
      mime-types
    fog-json (1.2.0)
      fog-core
      multi_json (~> 1.10)
    fog-xml (0.1.4)
      fog-core
      nokogiri (>= 1.5.11, < 2.0.0)
    formatador (1.1.0)
    geocoder (1.8.3)
      base64 (>= 0.1.0)
      csv (>= 3.0.0)
    globalid (1.2.1)
      activesupport (>= 6.1)
    i18n (1.14.5)
      concurrent-ruby (~> 1.0)
    image_processing (1.12.2)
      mini_magick (>= 4.9.5, < 5)
      ruby-vips (>= 2.0.17, < 3)
    io-console (0.7.2)
    irb (1.13.1)
      rdoc (>= 4.0.0)
      reline (>= 0.4.2)
    json (2.7.2)
    jsonapi-renderer (0.2.2)
    language_server-protocol (3.17.0.3)
    lint_roller (1.1.0)
    listen (3.9.0)
      rb-fsevent (~> 0.10, >= 0.10.3)
      rb-inotify (~> 0.9, >= 0.9.10)
    loofah (2.22.0)
      crass (~> 1.0.2)
      nokogiri (>= 1.12.0)
    mail (2.8.1)
      mini_mime (>= 0.1.1)
      net-imap
      net-pop
      net-smtp
    marcel (1.0.4)
    method_source (1.1.0)
    mime-types (3.5.2)
      mime-types-data (~> 3.2015)
    mime-types-data (3.2024.0507)
    mini_magick (4.12.0)
    mini_mime (1.1.5)
    minitest (5.23.1)
    msgpack (1.7.2)
    multi_json (1.15.0)
    mutex_m (0.2.0)
    mysql2 (0.5.6)
    net-imap (0.4.11)
      date
      net-protocol
    net-pop (0.1.2)
      net-protocol
    net-protocol (0.2.2)
      timeout
    net-smtp (0.5.0)
      net-protocol
    nio4r (2.7.3)
    nokogiri (1.16.5-aarch64-linux)
      racc (~> 1.4)
    nokogiri (1.16.5-x86_64-darwin)
      racc (~> 1.4)
    nokogiri (1.16.5-x86_64-linux)
      racc (~> 1.4)
    parallel (1.24.0)
    parser (3.3.1.0)
      ast (~> 2.4.1)
      racc
    pry (0.14.2)
      coderay (~> 1.1)
      method_source (~> 1.0)
    pry-rails (0.3.9)
      pry (>= 0.10.4)
    psych (5.1.2)
      stringio
    public_suffix (5.0.5)
    puma (6.4.2)
      nio4r (~> 2.0)
    racc (1.8.0)
    rack (3.0.11)
    rack-cors (2.0.2)
      rack (>= 2.0.0)
    rack-session (2.0.0)
      rack (>= 3.0.0)
    rack-test (2.1.0)
      rack (>= 1.3)
    rackup (2.1.0)
      rack (>= 3)
      webrick (~> 1.8)
    rails (7.1.3.3)
      actioncable (= 7.1.3.3)
      actionmailbox (= 7.1.3.3)
      actionmailer (= 7.1.3.3)
      actionpack (= 7.1.3.3)
      actiontext (= 7.1.3.3)
      actionview (= 7.1.3.3)
      activejob (= 7.1.3.3)
      activemodel (= 7.1.3.3)
      activerecord (= 7.1.3.3)
      activestorage (= 7.1.3.3)
      activesupport (= 7.1.3.3)
      bundler (>= 1.15.0)
      railties (= 7.1.3.3)
    rails-dom-testing (2.2.0)
      activesupport (>= 5.0.0)
      minitest
      nokogiri (>= 1.6)
    rails-html-sanitizer (1.6.0)
      loofah (~> 2.21)
      nokogiri (~> 1.14)
    rails-i18n (7.0.9)
      i18n (>= 0.7, < 2)
      railties (>= 6.0.0, < 8)
    railties (7.1.3.3)
      actionpack (= 7.1.3.3)
      activesupport (= 7.1.3.3)
      irb
      rackup (>= 1.0.0)
      rake (>= 12.2)
      thor (~> 1.0, >= 1.2.2)
      zeitwerk (~> 2.6)
    rainbow (3.1.1)
    rake (13.2.1)
    ransack (4.1.1)
      activerecord (>= 6.1.5)
      activesupport (>= 6.1.5)
      i18n
    rb-fsevent (0.11.2)
    rb-inotify (0.11.1)
      ffi (~> 1.0)
    rdoc (6.7.0)
      psych (>= 4.0.0)
    regexp_parser (2.9.2)
    reline (0.5.8)
      io-console (~> 0.5)
    rexml (3.2.8)
      strscan (>= 3.0.9)
    rspec-core (3.13.0)
      rspec-support (~> 3.13.0)
    rspec-expectations (3.13.0)
      diff-lcs (>= 1.2.0, < 2.0)
      rspec-support (~> 3.13.0)
    rspec-mocks (3.13.1)
      diff-lcs (>= 1.2.0, < 2.0)
      rspec-support (~> 3.13.0)
    rspec-rails (6.1.2)
      actionpack (>= 6.1)
      activesupport (>= 6.1)
      railties (>= 6.1)
      rspec-core (~> 3.13)
      rspec-expectations (~> 3.13)
      rspec-mocks (~> 3.13)
      rspec-support (~> 3.13)
    rspec-support (3.13.1)
    rubocop (1.63.5)
      json (~> 2.3)
      language_server-protocol (>= 3.17.0)
      parallel (~> 1.10)
      parser (>= 3.3.0.2)
      rainbow (>= 2.2.2, < 4.0)
      regexp_parser (>= 1.8, < 3.0)
      rexml (>= 3.2.5, < 4.0)
      rubocop-ast (>= 1.31.1, < 2.0)
      ruby-progressbar (~> 1.7)
      unicode-display_width (>= 2.4.0, < 3.0)
    rubocop-ast (1.31.3)
      parser (>= 3.3.1.0)
    rubocop-performance (1.21.0)
      rubocop (>= 1.48.1, < 2.0)
      rubocop-ast (>= 1.31.1, < 2.0)
    ruby-progressbar (1.13.0)
    ruby-vips (2.2.1)
      ffi (~> 1.12)
    spring (4.2.1)
    spring-commands-rspec (1.0.4)
      spring (>= 0.9.1)
    ssrf_filter (1.1.2)
    standard (1.36.0)
      language_server-protocol (~> 3.17.0.2)
      lint_roller (~> 1.0)
      rubocop (~> 1.63.0)
      standard-custom (~> 1.0.0)
      standard-performance (~> 1.4)
    standard-custom (1.0.2)
      lint_roller (~> 1.0)
      rubocop (~> 1.50)
    standard-performance (1.4.0)
      lint_roller (~> 1.1)
      rubocop-performance (~> 1.21.0)
    stringio (3.1.0)
    strscan (3.1.0)
    thor (1.3.1)
    timeout (0.4.1)
    tzinfo (2.0.6)
      concurrent-ruby (~> 1.0)
    unicode-display_width (2.5.0)
    webrick (1.8.1)
    websocket-driver (0.7.6)
      websocket-extensions (>= 0.1.0)
    websocket-extensions (0.1.5)
    zeitwerk (2.6.15)

PLATFORMS
  aarch64-linux
  x86_64-darwin-19
  x86_64-linux

DEPENDENCIES
  active_hash
  active_model_serializers
  annotate
  bcrypt
  bootsnap (>= 1.4.4)
  byebug
  carrierwave
  factory_bot_rails
  fog-aws
  geocoder
  listen (~> 3.3)
  mysql2 (~> 0.5)
  pry-rails
  puma
  rack-cors
  rails (~> 7.1.0)
  rails-i18n
  ransack
  rspec-rails
  spring
  spring-commands-rspec
  standard
  tzinfo-data

RUBY VERSION
   ruby 3.3.0p0

BUNDLED WITH
   2.5.10
